GIT
  remote: git://github.com/spree/spree_blue_theme.git
  revision: 42bd75df1c1831ad12cc00091d4fc70210f1d6ce
  specs:
    spree_blue_theme (0.2.0)

GIT
  remote: git://github.com/spree/spree_skrill.git
  revision: 93cd573addeff26fbbd8c5855d35df659cf5bf1f
  specs:
    spree_skrill (0.70.1)
      spree_core (~> 1.0.0.rc3)

GIT
  remote: git://github.com/spree/spree_usa_epay.git
  revision: 6576a0ac6b998bd6efa4dd053ba57120511bee9c
  specs:
    spree_usa_epay (1.0.0)
      savon
      spree_core (~> 1.0.0.rc3)

GIT
  remote: https://github.com/spree/spree.git
  revision: c7c374b04905edba3523f5f1d147e34dfdbd12fe
  specs:
    spree (1.0.0.rc3)
      spree_api (= 1.0.0.rc3)
      spree_auth (= 1.0.0.rc3)
      spree_cmd (= 1.0.0.rc3)
      spree_core (= 1.0.0.rc3)
      spree_dash (= 1.0.0.rc3)
      spree_promo (= 1.0.0.rc3)
      spree_sample (= 1.0.0.rc3)
    spree_api (1.0.0.rc3)
      spree_auth (= 1.0.0.rc3)
      spree_core (= 1.0.0.rc3)
    spree_auth (1.0.0.rc3)
      cancan (= 1.6.7)
      devise (= 1.5.3)
      spree_core (= 1.0.0.rc3)
    spree_cmd (1.0.0.rc3)
      rails (>= 3.1.1, <= 3.2.1)
    spree_core (1.0.0.rc3)
      activemerchant (= 1.20.1)
      acts_as_list (= 0.1.4)
      deface (>= 0.7.2)
      ffaker (~> 1.12.0)
      highline (= 1.6.8)
      jquery-rails (>= 1.0.19, <= 2.0.0)
      kaminari (>= 0.13.0)
      meta_search (= 1.1.2)
      nested_set (= 1.6.8)
      paperclip (= 2.5.0)
      rails (>= 3.1.1, <= 3.2.1)
      state_machine (= 1.1.2)
      stringex (~> 1.3.0)
    spree_dash (1.0.0.rc3)
      spree_core (= 1.0.0.rc3)
    spree_promo (1.0.0.rc3)
      spree_auth (= 1.0.0.rc3)
      spree_core (= 1.0.0.rc3)
    spree_sample (1.0.0.rc3)
      spree_core (= 1.0.0.rc3)

GEM
  remote: https://rubygems.org/
  specs:
    actionmailer (3.2.1)
      actionpack (= 3.2.1)
      mail (~> 2.4.0)
    actionpack (3.2.1)
      activemodel (= 3.2.1)
      activesupport (= 3.2.1)
      builder (~> 3.0.0)
      erubis (~> 2.7.0)
      journey (~> 1.0.1)
      rack (~> 1.4.0)
      rack-cache (~> 1.1)
      rack-test (~> 0.6.1)
      sprockets (~> 2.1.2)
    active_utils (1.0.2)
      activesupport (>= 2.3.11)
      i18n
    activemerchant (1.20.1)
      active_utils (>= 1.0.1)
      activesupport (>= 2.3.11)
      braintree (>= 2.0.0)
      builder (>= 2.0.0)
      i18n
      json (>= 1.5.1)
      money (<= 3.7.1)
    activemodel (3.2.1)
      activesupport (= 3.2.1)
      builder (~> 3.0.0)
    activerecord (3.2.1)
      activemodel (= 3.2.1)
      activesupport (= 3.2.1)
      arel (~> 3.0.0)
      tzinfo (~> 0.3.29)
    activeresource (3.2.1)
      activemodel (= 3.2.1)
      activesupport (= 3.2.1)
    activesupport (3.2.1)
      i18n (~> 0.6)
      multi_json (~> 1.0)
    acts_as_list (0.1.4)
    akami (1.0.0)
      gyoku (>= 0.4.0)
    arel (3.0.0)
    bcrypt-ruby (3.0.1)
    braintree (2.13.3)
      builder (>= 2.0.0)
    builder (3.0.0)
    cancan (1.6.7)
    cocaine (0.2.1)
    coffee-rails (3.2.2)
      coffee-script (>= 2.2.0)
      railties (~> 3.2.0)
    coffee-script (2.2.0)
      coffee-script-source
      execjs
    coffee-script-source (1.2.0)
    deface (0.7.2)
      nokogiri (~> 1.5.0)
      rails (>= 3.0.9)
    devise (1.5.3)
      bcrypt-ruby (~> 3.0)
      orm_adapter (~> 0.0.3)
      warden (~> 1.1)
    erubis (2.7.0)
    execjs (1.3.0)
      multi_json (~> 1.0)
    ffaker (1.12.1)
    gyoku (0.4.4)
      builder (>= 2.1.2)
    highline (1.6.8)
    hike (1.2.1)
    httpi (0.9.5)
      rack
    i18n (0.6.0)
    journey (1.0.1)
    jquery-rails (2.0.0)
      railties (>= 3.2.0.beta, < 5.0)
      thor (~> 0.14)
    json (1.6.5)
    kaminari (0.13.0)
      actionpack (>= 3.0.0)
      activesupport (>= 3.0.0)
      railties (>= 3.0.0)
    libv8 (3.3.10.4)
    mail (2.4.1)
      i18n (>= 0.4.0)
      mime-types (~> 1.16)
      treetop (~> 1.4.8)
    meta_search (1.1.2)
      actionpack (~> 3.1)
      activerecord (~> 3.1)
      activesupport (~> 3.1)
      meta_search
      polyamorous (~> 0.5.0)
    mime-types (1.17.2)
    money (3.7.1)
      i18n (~> 0.4)
    multi_json (1.0.4)
    mysql2 (0.3.11)
    nested_set (1.6.8)
      activerecord (>= 3.0.0)
      railties (>= 3.0.0)
    nokogiri (1.5.0)
    nori (1.0.2)
    orm_adapter (0.0.6)
    paperclip (2.5.0)
      activerecord (>= 2.3.0)
      activesupport (>= 2.3.2)
      cocaine (>= 0.0.2)
      mime-types
    polyamorous (0.5.0)
      activerecord (~> 3.0)
    polyglot (0.3.3)
    rack (1.4.1)
    rack-cache (1.1)
      rack (>= 0.4)
    rack-ssl (1.3.2)
      rack
    rack-test (0.6.1)
      rack (>= 1.0)
    rails (3.2.1)
      actionmailer (= 3.2.1)
      actionpack (= 3.2.1)
      activerecord (= 3.2.1)
      activeresource (= 3.2.1)
      activesupport (= 3.2.1)
      bundler (~> 1.0)
      railties (= 3.2.1)
    railties (3.2.1)
      actionpack (= 3.2.1)
      activesupport (= 3.2.1)
      rack-ssl (~> 1.3.2)
      rake (>= 0.8.7)
      rdoc (~> 3.4)
      thor (~> 0.14.6)
    rake (0.9.2.2)
    rdoc (3.12)
      json (~> 1.4)
    sass (3.1.12)
    sass-rails (3.2.4)
      railties (~> 3.2.0)
      sass (>= 3.1.10)
      tilt (~> 1.3)
    savon (0.9.7)
      akami (~> 1.0)
      builder (>= 2.1.2)
      gyoku (>= 0.4.0)
      httpi (~> 0.9)
      nokogiri (>= 1.4.0)
      nori (~> 1.0)
      wasabi (~> 2.0)
    sprockets (2.1.2)
      hike (~> 1.2)
      rack (~> 1.0)
      tilt (~> 1.1, != 1.3.0)
    state_machine (1.1.2)
    stringex (1.3.0)
    therubyracer (0.9.9)
      libv8 (~> 3.3.10)
    thor (0.14.6)
    tilt (1.3.3)
    treetop (1.4.10)
      polyglot
      polyglot (>= 0.3.1)
    tzinfo (0.3.31)
    uglifier (1.2.3)
      execjs (>= 0.3.0)
      multi_json (>= 1.0.2)
    warden (1.1.0)
      rack (>= 1.0)
    wasabi (2.0.0)
      nokogiri (>= 1.4.0)

PLATFORMS
  ruby

DEPENDENCIES
  coffee-rails (~> 3.2.1)
  execjs
  jquery-rails
  mysql2
  rails (= 3.2.1)
  sass-rails (~> 3.2.3)
  spree!
  spree_blue_theme!
  spree_skrill!
  spree_usa_epay!
  therubyracer
  uglifier (>= 1.0.3)
